GIT
  remote: https://github.com/wingrunr21/kociemba.git
  revision: 792a8b62ed12b62f284a71bf23fa4efbff5c7f0d
  specs:
    kociemba (0.1.0)

GEM
  remote: https://rubygems.org/
  specs:
    coderay (1.1.1)
    em-websocket (0.5.1)
      eventmachine (>= 0.12.9)
      http_parser.rb (~> 0.6.0)
    eventmachine (1.2.5)
    faye-websocket (0.10.5)
      eventmachine (>= 0.12.0)
      websocket-driver (>= 0.5.1)
    ffi (1.9.18)
    http_parser.rb (0.6.0)
    listen (3.1.5)
      rb-fsevent (~> 0.9, >= 0.9.4)
      rb-inotify (~> 0.9, >= 0.9.7)
      ruby_dep (~> 1.2)
    method_source (0.8.2)
    mustermann (1.0.1)
    permessage_deflate (0.1.4)
    pry (0.10.4)
      coderay (~> 1.1.0)
      method_source (~> 0.8.1)
      slop (~> 3.4)
    puma (3.10.0)
    rack (2.0.3)
    rack-protection (2.0.0)
      rack
    rake (12.2.1)
    rb-fsevent (0.10.2)
    rb-inotify (0.9.10)
      ffi (>= 0.5.0, < 2)
    rubiks_cube (1.3.0)
    ruby-opencv (0.0.18)
    ruby_dep (1.5.0)
    sinatra (2.0.0)
      mustermann (~> 1.0)
      rack (~> 2.0)
      rack-protection (= 2.0.0)
      tilt (~> 2.0)
    slop (3.6.0)
    tilt (2.0.8)
    websocket-driver (0.7.0)
      websocket-extensions (>= 0.1.0)
    websocket-extensions (0.1.3)

PLATFORMS
  ruby

DEPENDENCIES
  em-websocket
  faye-websocket
  kociemba!
  listen
  permessage_deflate
  pry
  puma
  rake
  rubiks_cube
  ruby-opencv
  sinatra

RUBY VERSION
   ruby 2.4.2p198

BUNDLED WITH
   1.15.4
